GEM
  remote: https://rubygems.org/
  specs:
    activesupport (3.2.2)
      i18n (~> 0.6)
      multi_json (~> 1.0)
    backports (2.3.0)
    blankslate (2.1.2.4)
    charlock_holmes (0.6.8)
    coderay (1.0.5)
    coffee-script (2.2.0)
      coffee-script-source
      execjs
    coffee-script-source (1.2.0)
    daemons (1.1.8)
    database_cleaner (0.7.1)
    diff-lcs (1.1.3)
    eventmachine (0.12.10)
    execjs (1.3.0)
      multi_json (~> 1.0)
    factory_girl (2.6.4)
      activesupport (>= 2.3.9)
    ffi (1.0.11)
    grit (2.4.1)
      diff-lcs (~> 1.1)
      mime-types (~> 1.15)
    i18n (0.6.0)
    jsmin (1.0.1)
    method_source (0.7.1)
    mime-types (1.17.2)
    multi_json (1.1.0)
    pg (0.13.2)
    pry (0.9.8.4)
      coderay (~> 1.0.5)
      method_source (~> 0.7.1)
      slop (>= 2.4.4, < 3)
    pygments.rb (0.2.7)
      rubypython (~> 0.5.3)
    rack (1.4.1)
    rack-protection (1.2.0)
      rack
    rack-test (0.6.1)
      rack (>= 1.0)
    redcarpet (2.1.0)
    rubypython (0.5.3)
      blankslate (>= 2.1.2.3)
      ffi (~> 1.0.7)
    sass (3.1.15)
    sequel (3.33.0)
    sinatra (1.3.2)
      rack (~> 1.3, >= 1.3.6)
      rack-protection (~> 1.2)
      tilt (~> 1.3, >= 1.3.3)
    sinatra-assetpack (0.0.11)
      jsmin
      rack-test
      sinatra
      tilt (>= 1.3.0)
    sinatra-contrib (1.3.1)
      backports (>= 2.0)
      eventmachine
      rack-protection
      rack-test
      sinatra (~> 1.3.0)
      tilt (~> 1.3)
    slim (1.1.1)
      temple (~> 0.4.0)
      tilt (~> 1.3.2)
    slop (2.4.4)
    temple (0.4.0)
    thin (1.3.1)
      daemons (>= 1.0.9)
      eventmachine (>= 0.12.6)
      rack (>= 1.0.0)
    tilt (1.3.3)

PLATFORMS
  ruby

DEPENDENCIES
  charlock_holmes
  coffee-script
  database_cleaner
  factory_girl
  grit
  i18n
  pg
  pry
  pygments.rb
  rack-test
  redcarpet
  sass
  sequel
  sinatra
  sinatra-assetpack
  sinatra-contrib
  slim
  thin
